GEM
  remote: http://rubygems.org/
  specs:
    git (1.2.5)
    jeweler (1.8.3)
      bundler (~> 1.0)
      git (>= 1.2.5)
      rake
      rdoc
    json (1.6.6)
    multi_json (1.0.3)
    rack (1.3.5)
    rack-contrib (1.1.0)
      rack (>= 0.9.1)
    rake (0.9.2.2)
    rcov (0.9.11)
    rdoc (3.12)
      json (~> 1.4)
    redis (2.2.2)
    shoulda (2.11.3)
    sinatra (1.2.7)
      rack (~> 1.1)
      tilt (>= 1.2.2, < 2.0)
    tilt (1.3.3)
    vegas (0.1.8)
      rack (>= 1.0.0)

PLATFORMS
  ruby

DEPENDENCIES
  bundler
  jeweler
  multi_json (~> 1.0.3)
  rack-contrib
  rcov
  redis
  shoulda
  sinatra (~> 1.2.3)
  vegas (~> 0.1.8)
